NUGET
  remote: https://www.nuget.org/api/v2
  specs:
    Deedle (1.2.4)
