NUGET
  remote: https://www.nuget.org/api/v2
  specs:
    Deedle (1.2.4)
    IntelliFactory.Xml (0.6.63.95) - framework: >= net45
    Microsoft.Owin (3.0.1) - framework: >= net45
      Owin (>= 1.0)
    Microsoft.Owin.Diagnostics (3.0.1) - framework: >= net45
      Microsoft.Owin (>= 3.0.1)
      Owin (>= 1.0)
    Microsoft.Owin.FileSystems (3.0.1) - framework: >= net45
    Microsoft.Owin.Host.HttpListener (3.0.1) - framework: >= net45
    Microsoft.Owin.Hosting (3.0.1) - framework: >= net45
      Microsoft.Owin (>= 3.0.1)
      Owin (>= 1.0)
    Microsoft.Owin.StaticFiles (3.0.1) - framework: >= net45
      Microsoft.Owin (>= 3.0.1)
      Microsoft.Owin.FileSystems (>= 3.0.1)
      Owin (>= 1.0)
    Mono.Cecil (0.9.6.1) - framework: >= net45
    Owin (1.0) - framework: >= net45
    WebSharper (3.6.14.237)
    WebSharper.Html (3.6.10.22) - framework: >= net45
      IntelliFactory.Xml (>= 0.6.63.95)
      WebSharper (>= 3.6.12.235)
    WebSharper.Owin (3.6.11.126) - framework: >= net45
      Microsoft.Owin (>= 3.0.1)
      Owin (>= 1.0)
      WebSharper (>= 3.6.12.235)
    WebSharper.UI.Next (3.6.15.211)
      WebSharper (>= 3.6.12.235)
